PATH
  remote: .
  specs:
    fluent-plugin-throttle (0.0.6)
      fluent-plugin-prometheus (~> 2.1)
      fluentd (~> 1.1)
      prometheus-client (~> 4.2)

GEM
  remote: https://rubygems.org/
  specs:
    addressable (2.8.6)
      public_suffix (>= 2.0.2, < 6.0)
    appraisal (2.5.0)
      bundler
      rake
      thor (>= 0.14.0)
    base64 (0.2.0)
    bigdecimal (3.1.8)
    byebug (11.1.3)
    coderay (1.1.3)
    concurrent-ruby (1.3.3)
    cool.io (1.8.1)
    crack (1.0.0)
      bigdecimal
      rexml
    csv (3.3.0)
    drb (2.2.1)
    fluent-plugin-prometheus (2.1.0)
      fluentd (>= 1.9.1, < 2)
      prometheus-client (>= 2.1.0)
    fluentd (1.17.0)
      base64 (~> 0.2)
      bundler
      cool.io (>= 1.4.5, < 2.0.0)
      csv (~> 3.2)
      drb (~> 2.2)
      http_parser.rb (>= 0.5.1, < 0.9.0)
      msgpack (>= 1.3.1, < 2.0.0)
      serverengine (>= 2.3.2, < 3.0.0)
      sigdump (~> 0.2.5)
      strptime (>= 0.2.4, < 1.0.0)
      tzinfo (>= 1.0, < 3.0)
      tzinfo-data (~> 1.0)
      webrick (~> 1.4)
      yajl-ruby (~> 1.0)
    hashdiff (1.1.0)
    http_parser.rb (0.8.0)
    maxitest (5.5.0)
      minitest (>= 5.14.0, < 5.24.0)
    method_source (1.1.0)
    minitest (5.23.1)
    mocha (2.3.0)
      ruby2_keywords (>= 0.0.5)
    msgpack (1.7.2)
    power_assert (2.0.3)
    prometheus-client (4.2.2)
    pry (0.14.2)
      coderay (~> 1.1)
      method_source (~> 1.0)
    pry-byebug (3.10.1)
      byebug (~> 11.0)
      pry (>= 0.13, < 0.15)
    public_suffix (5.0.5)
    rake (13.2.1)
    rexml (3.3.0)
      strscan
    ruby2_keywords (0.0.5)
    serverengine (2.3.2)
      sigdump (~> 0.2.2)
    sigdump (0.2.5)
    single_cov (1.11.0)
    strptime (0.2.5)
    strscan (3.1.0)
    test-unit (3.6.2)
      power_assert
    thor (1.3.1)
    tzinfo (2.0.6)
      concurrent-ruby (~> 1.0)
    tzinfo-data (1.2024.1)
      tzinfo (>= 1.0.0)
    webmock (3.23.1)
      addressable (>= 2.8.0)
      crack (>= 0.3.2)
      hashdiff (>= 0.4.0, < 2.0.0)
    webrick (1.8.1)
    yajl-ruby (1.4.3)

PLATFORMS
  ruby
  x86_64-darwin-23

DEPENDENCIES
  appraisal (~> 2.2)
  bundler (~> 2.5)
  fluent-plugin-throttle!
  maxitest
  mocha
  pry
  pry-byebug
  rake (~> 13.2)
  single_cov
  test-unit (~> 3.2)
  webmock (~> 3.3)

BUNDLED WITH
   2.5.12
